GEM
  remote: http://rubygems.org/
  specs:
    redis (2.2.0)

PLATFORMS
  ruby

DEPENDENCIES
  redis
